GIT
  remote: https://github.com/Exygy/heroku-deflater.git
  revision: ea986e017a56b882d32e8989f4959e5f1af5d50c
  specs:
    heroku-deflater (0.6.3)
      rack (>= 1.4.5)

GIT
  remote: https://github.com/Exygy/sitemap_generator.git
  revision: 804c7e44070c63c27ddd373a8116e50596a37524
  specs:
    sitemap_generator (5.2.0)
      builder (~> 3.0)

GIT
  remote: https://github.com/Exygy/street-address.git
  revision: b505ad8c9710cab53ca97c6267ed8971e61b025f
  specs:
    StreetAddress (2.0.0)

GIT
  remote: https://github.com/pivotal/jasmine-gem.git
  revision: cbdad51e5b203e82ed47f09909063994823cc20a
  specs:
    jasmine (2.6.0)
      jasmine-core (>= 2.6.0, < 3.0.0)
      phantomjs
      rack (>= 1.2.1)
      rake

GEM
  remote: https://rubygems.org/
  specs:
    actionmailer (4.2.11)
      actionpack (= 4.2.11)
      actionview (= 4.2.11)
      activejob (= 4.2.11)
      mail (~> 2.5, >= 2.5.4)
      rails-dom-testing (~> 1.0, >= 1.0.5)
    actionmailer-text (0.1.1)
      actionmailer
      htmlentities
    actionpack (4.2.11)
      actionview (= 4.2.11)
      activesupport (= 4.2.11)
      rack (~> 1.6)
      rack-test (~> 0.6.2)
      rails-dom-testing (~> 1.0, >= 1.0.5)
      rails-html-sanitizer (~> 1.0, >= 1.0.2)
    actionpack-page_caching (1.1.0)
      actionpack (>= 4.0.0, < 6)
    actionview (4.2.11)
      activesupport (= 4.2.11)
      builder (~> 3.1)
      erubis (~> 2.7.0)
      rails-dom-testing (~> 1.0, >= 1.0.5)
      rails-html-sanitizer (~> 1.0, >= 1.0.3)
    active_model-errors_details (1.3.0)
      activemodel (>= 3.2.13, < 5.0.0.beta1)
      activesupport
    activejob (4.2.11)
      activesupport (= 4.2.11)
      globalid (>= 0.3.0)
    activemodel (4.2.11)
      activesupport (= 4.2.11)
      builder (~> 3.1)
    activerecord (4.2.11)
      activemodel (= 4.2.11)
      activesupport (= 4.2.11)
      arel (~> 6.0)
    activesupport (4.2.11)
      i18n (~> 0.7)
      minitest (~> 5.1)
      thread_safe (~> 0.3, >= 0.3.4)
      tzinfo (~> 1.1)
    addressable (2.6.0)
      public_suffix (>= 2.0.2, < 4.0)
    angular-rails-templates (1.0.2)
      railties (>= 4.2, < 6)
      sprockets (>= 3.0, < 5)
      tilt
    arel (6.0.4)
    ast (2.3.0)
    awesome_print (1.7.0)
    bcrypt (3.1.12)
    better_errors (2.1.1)
      coderay (>= 1.0.0)
      erubis (>= 2.6.6)
      rack (>= 0.9.0)
    binding_of_caller (0.8.0)
      debug_inspector (>= 0.0.1)
    bower-rails (0.10.0)
    builder (3.2.3)
    byebug (9.1.0)
    childprocess (0.5.9)
      ffi (~> 1.0, >= 1.0.11)
    code_analyzer (0.4.5)
      sexp_processor
    codeclimate-test-reporter (0.6.0)
      simplecov (>= 0.7.1, < 1.0.0)
    coderay (1.1.1)
    coffee-rails (4.1.1)
      coffee-script (>= 2.2.0)
      railties (>= 4.0.0, < 5.1.x)
    coffee-script (2.4.1)
      coffee-script-source
      execjs
    coffee-script-source (1.10.0)
    concurrent-ruby (1.1.4)
    connection_pool (2.2.1)
    crack (0.4.3)
      safe_yaml (~> 1.0.0)
    crass (1.0.4)
    dalli (2.7.6)
    database_cleaner (1.5.3)
    debug_inspector (0.0.3)
    devise (4.4.3)
      bcrypt (~> 3.0)
      orm_adapter (~> 0.1)
      railties (>= 4.1.0, < 6.0)
      responders
      warden (~> 1.2.3)
    devise_token_auth (0.1.43)
      devise (> 3.5.2, < 4.5)
      rails (< 6)
    diff-lcs (1.2.5)
    docile (1.1.5)
    domain_name (0.5.20160615)
      unf (>= 0.0.5, < 1.0.0)
    dotenv (2.1.1)
    dotenv-rails (2.1.1)
      dotenv (= 2.1.1)
      railties (>= 4.0, < 5.1)
    easypost (3.0.1)
      multi_json (>= 1.3.0)
      rest-client (>= 1.7)
    erubis (2.7.0)
    excon (0.57.1)
    execjs (2.7.0)
    facets (3.1.0)
    factory_girl (4.7.0)
      activesupport (>= 3.0.0)
    factory_girl_rails (4.7.0)
      factory_girl (~> 4.7.0)
      railties (>= 3.0.0)
    faraday (0.15.4)
      multipart-post (>= 1.2, < 3)
    faraday_middleware (0.13.1)
      faraday (>= 0.7.4, < 1.0)
    ffi (1.9.25)
    fog-aws (1.4.0)
      fog-core (~> 1.38)
      fog-json (~> 1.0)
      fog-xml (~> 0.1)
      ipaddress (~> 0.8)
    fog-core (1.44.3)
      builder
      excon (~> 0.49)
      formatador (~> 0.2)
    fog-json (1.0.2)
      fog-core (~> 1.0)
      multi_json (~> 1.10)
    fog-xml (0.1.3)
      fog-core
      nokogiri (>= 1.5.11, < 2.0.0)
    foreman (0.84.0)
      thor (~> 0.19.1)
    formatador (0.2.5)
    globalid (0.4.1)
      activesupport (>= 4.2.0)
    hashdiff (0.3.8)
    hashie (3.6.0)
    htmlentities (4.3.4)
    http (2.0.2)
      addressable (~> 2.3)
      http-cookie (~> 1.0)
      http-form_data (~> 1.0.1)
      http_parser.rb (~> 0.6.0)
    http-cookie (1.0.2)
      domain_name (~> 0.5)
    http-form_data (1.0.1)
    http_parser.rb (0.6.0)
    i18n (0.9.5)
      concurrent-ruby (~> 1.0)
    image_optimizer (1.7.0)
    iniparse (1.4.2)
    ipaddress (0.8.3)
    jasmine-core (2.6.1)
    jasmine-jquery-rails (2.0.3)
    jbuilder (2.5.0)
      activesupport (>= 3.0.0, < 5.1)
      multi_json (~> 1.2)
    jquery-rails (4.1.1)
      rails-dom-testing (>= 1, < 3)
      railties (>= 4.2.0)
      thor (>= 0.14, < 2.0)
    json (1.8.6)
    loofah (2.2.3)
      crass (~> 1.0.2)
      nokogiri (>= 1.5.9)
    mail (2.7.1)
      mini_mime (>= 0.1.1)
    memcachier (0.0.2)
    method_source (0.9.2)
    mime-types (3.2.2)
      mime-types-data (~> 3.2015)
    mime-types-data (3.2018.0812)
    mini_magick (4.7.2)
    mini_mime (1.0.1)
    mini_portile2 (2.4.0)
    minitest (5.11.3)
    multi_json (1.12.1)
    multipart-post (2.0.0)
    netrc (0.11.0)
    newrelic_rpm (3.16.0.318)
    nokogiri (1.10.1)
      mini_portile2 (~> 2.4.0)
    oj (3.7.9)
    oj_mimic_json (1.0.1)
    orm_adapter (0.5.0)
    overcommit (0.34.2)
      childprocess (~> 0.5.8)
      iniparse (~> 1.4)
    parallel (1.12.0)
    parser (2.4.0.2)
      ast (~> 2.3)
    pg (0.18.4)
    phantomjs (2.1.1.0)
    powerpack (0.1.1)
    prerender_rails (1.6.0)
      activesupport
      rack
    pry (0.11.3)
      coderay (~> 1.1.0)
      method_source (~> 0.9.0)
    pry-byebug (3.4.2)
      byebug (~> 9.0)
      pry (~> 0.10)
    pry-rails (0.3.6)
      pry (>= 0.10.4)
    public_suffix (3.0.3)
    puma (3.12.0)
    quiet_assets (1.1.0)
      railties (>= 3.1, < 5.0)
    rack (1.6.11)
    rack-cors (1.0.1)
    rack-protection (2.0.0)
      rack
    rack-rewrite (1.5.1)
    rack-test (0.6.3)
      rack (>= 1.0)
    rails (4.2.11)
      actionmailer (= 4.2.11)
      actionpack (= 4.2.11)
      actionview (= 4.2.11)
      activejob (= 4.2.11)
      activemodel (= 4.2.11)
      activerecord (= 4.2.11)
      activesupport (= 4.2.11)
      bundler (>= 1.3.0, < 2.0)
      railties (= 4.2.11)
      sprockets-rails
    rails-api (0.4.1)
      actionpack (>= 3.2.11)
      railties (>= 3.2.11)
    rails-deprecated_sanitizer (1.0.3)
      activesupport (>= 4.2.0.alpha)
    rails-dom-testing (1.0.9)
      activesupport (>= 4.2.0, < 5.0)
      nokogiri (~> 1.6)
      rails-deprecated_sanitizer (>= 1.0.1)
    rails-html-sanitizer (1.0.4)
      loofah (~> 2.2, >= 2.2.2)
    rails_12factor (0.0.3)
      rails_serve_static_assets
      rails_stdout_logging
    rails_autoscale_agent (0.3.1)
      activesupport (>= 3.2)
    rails_best_practices (1.16.0)
      activesupport
      code_analyzer (>= 0.4.3)
      erubis
      i18n
      json
      require_all
      ruby-progressbar
    rails_serve_static_assets (0.0.5)
    rails_stdout_logging (0.0.5)
    railties (4.2.11)
      actionpack (= 4.2.11)
      activesupport (= 4.2.11)
      rake (>= 0.8.7)
      thor (>= 0.18.1, < 2.0)
    rainbow (3.0.0)
    rake (12.3.2)
    rdoc (4.2.2)
      json (~> 1.4)
    redis (3.3.3)
    require_all (1.3.3)
    responders (2.4.1)
      actionpack (>= 4.2.0, < 6.0)
      railties (>= 4.2.0, < 6.0)
    rest-client (2.0.2)
      http-cookie (>= 1.0.2, < 2.0)
      mime-types (>= 1.16, < 4.0)
      netrc (~> 0.8)
    restforce (3.1.0)
      faraday (>= 0.9.0, <= 1.0)
      faraday_middleware (>= 0.8.8, <= 1.0)
      hashie (>= 1.2.0, < 4.0)
      json (>= 1.7.5)
    rspec-core (3.4.4)
      rspec-support (~> 3.4.0)
    rspec-expectations (3.4.0)
      diff-lcs (>= 1.2.0, < 2.0)
      rspec-support (~> 3.4.0)
    rspec-mocks (3.4.1)
      diff-lcs (>= 1.2.0, < 2.0)
      rspec-support (~> 3.4.0)
    rspec-rails (3.4.2)
      actionpack (>= 3.0, < 4.3)
      activesupport (>= 3.0, < 4.3)
      railties (>= 3.0, < 4.3)
      rspec-core (~> 3.4.0)
      rspec-expectations (~> 3.4.0)
      rspec-mocks (~> 3.4.0)
      rspec-support (~> 3.4.0)
    rspec-support (3.4.1)
    rubocop (0.52.0)
      parallel (~> 1.10)
      parser (>= 2.4.0.2, < 3.0)
      powerpack (~> 0.1)
      rainbow (>= 2.2.2, < 4.0)
      ruby-progressbar (~> 1.7)
      unicode-display_width (~> 1.0, >= 1.0.1)
    ruby-progressbar (1.8.1)
    safe_yaml (1.0.5)
    sass (3.4.22)
    sass-rails (5.0.6)
      railties (>= 4.0.0, < 6)
      sass (~> 3.1)
      sprockets (>= 2.8, < 4.0)
      sprockets-rails (>= 2.0, < 4.0)
      tilt (>= 1.1, < 3)
    sdoc (0.4.1)
      json (~> 1.7, >= 1.7.7)
      rdoc (~> 4.0)
    sentry-raven (2.6.3)
      faraday (>= 0.7.6, < 1.0)
    sexp_processor (4.7.0)
    shoulda-matchers (3.1.1)
      activesupport (>= 4.0.0)
    sidekiq (5.0.2)
      concurrent-ruby (~> 1.0)
      connection_pool (~> 2.2, >= 2.2.0)
      rack-protection (>= 1.5.0)
      redis (~> 3.3, >= 3.3.3)
    simplecov (0.11.2)
      docile (~> 1.1.0)
      json (~> 1.8)
      simplecov-html (~> 0.10.0)
    simplecov-html (0.10.0)
    slim (3.0.7)
      temple (~> 0.7.6)
      tilt (>= 1.3.3, < 2.1)
    slim-rails (3.1.1)
      actionpack (>= 3.1)
      railties (>= 3.1)
      slim (~> 3.0)
    spring (2.0.2)
      activesupport (>= 4.2)
    sprockets (3.7.2)
      concurrent-ruby (~> 1.0)
      rack (> 1, < 3)
    sprockets-rails (3.2.1)
      actionpack (>= 4.0)
      activesupport (>= 4.0)
      sprockets (>= 3.0.0)
    sprockets_uglifier_with_source_maps (2.1.0)
      sprockets-rails (~> 3.0)
      uglifier (>= 2.5)
    temple (0.7.7)
    thor (0.19.4)
    thor-rails (0.0.1)
      rails
      thor
    thread_safe (0.3.6)
    tilt (2.0.5)
    tzinfo (1.2.5)
      thread_safe (~> 0.1)
    uglifier (3.2.0)
      execjs (>= 0.3.0, < 3)
    unf (0.1.4)
      unf_ext
    unf_ext (0.0.7.2)
    unicode-display_width (1.3.0)
    vcr (4.0.0)
    warden (1.2.7)
      rack (>= 1.0)
    webmock (3.5.1)
      addressable (>= 2.3.6)
      crack (>= 0.3.2)
      hashdiff

PLATFORMS
  ruby

DEPENDENCIES
  StreetAddress!
  actionmailer-text
  actionpack-page_caching (~> 1.1.0)
  active_model-errors_details
  activejob (>= 4.2.11)
  angular-rails-templates
  awesome_print
  better_errors
  binding_of_caller
  bower-rails
  codeclimate-test-reporter
  coffee-rails (~> 4.1.0)
  dalli
  database_cleaner
  devise (~> 4.4.0)
  devise_token_auth (~> 0.1.43)
  dotenv-rails
  easypost (>= 3.0.1)
  facets
  factory_girl_rails
  fog-aws
  foreman
  hashdiff (~> 0.3.0)
  hashie
  heroku-deflater!
  http
  image_optimizer (~> 1.7.0)
  jasmine!
  jasmine-jquery-rails
  jbuilder (~> 2.0)
  jquery-rails
  memcachier
  mini_magick (~> 4.7.2)
  newrelic_rpm
  nokogiri (>= 1.8.2)
  oj
  oj_mimic_json
  overcommit
  pg
  phantomjs (~> 2.1.1)
  prerender_rails (~> 1.6.0)
  pry-byebug
  pry-rails
  puma
  quiet_assets
  rack (>= 1.6.11)
  rack-cors (~> 1.0.1)
  rack-rewrite (~> 1.5.0)
  rails (~> 4.2.11)
  rails-api
  rails_12factor
  rails_autoscale_agent
  rails_best_practices
  restforce (~> 3.1.0)
  rspec-core
  rspec-rails
  rubocop (~> 0.52.0)
  sass-rails (~> 5.0)
  sdoc (~> 0.4.0)
  sentry-raven (~> 2.6.3)
  shoulda-matchers
  sidekiq (~> 5.0.2)
  sitemap_generator!
  slim-rails
  spring
  sprockets_uglifier_with_source_maps
  thor-rails
  uglifier (~> 3.2)
  vcr
  webmock

RUBY VERSION
   ruby 2.5.3p105

BUNDLED WITH
   2.0.1
